PATH
  remote: .
  specs:
    ebay_browse_api (0.1.0)
      date (~> 3.0.0)
      oj (~> 3.10.6)
      typhoeus (~> 1.4.0)

GEM
  remote: https://rubygems.org/
  specs:
    date (3.0.0)
    diff-lcs (1.3)
    ethon (0.12.0)
      ffi (>= 1.3.0)
    ffi (1.13.1)
    minitest (5.14.1)
    oj (3.10.6)
    rake (12.3.3)
    rspec (3.9.0)
      rspec-core (~> 3.9.0)
      rspec-expectations (~> 3.9.0)
      rspec-mocks (~> 3.9.0)
    rspec-core (3.9.2)
      rspec-support (~> 3.9.3)
    rspec-expectations (3.9.2)
      diff-lcs (>= 1.2.0, < 2.0)
      rspec-support (~> 3.9.0)
    rspec-mocks (3.9.1)
      diff-lcs (>= 1.2.0, < 2.0)
      rspec-support (~> 3.9.0)
    rspec-support (3.9.3)
    typhoeus (1.4.0)
      ethon (>= 0.9.0)

PLATFORMS
  ruby

DEPENDENCIES
  ebay_browse_api!
  minitest (~> 5.0)
  rake (~> 12.0)
  rspec (~> 3.9)

RUBY VERSION
   ruby 2.7.1p83

BUNDLED WITH
   2.1.4
